GEM
  remote: https://rubygems.org/
  specs:
    capistrano (2.15.9)
      highline
      net-scp (>= 1.0.0)
      net-sftp (>= 2.0.0)
      net-ssh (>= 2.0.14)
      net-ssh-gateway (>= 1.1.0)
    capistrano-sidekiq (0.5.4)
      capistrano
      sidekiq (>= 3.4)
    capistrano-tagging (0.1.0)
      capistrano (~> 2.0)
    concurrent-ruby (1.0.2)
    connection_pool (2.2.0)
    highline (1.7.8)
    net-scp (1.2.1)
      net-ssh (>= 2.6.5)
    net-sftp (2.1.2)
      net-ssh (>= 2.6.5)
    net-ssh (3.2.0)
    net-ssh-gateway (1.2.0)
      net-ssh (>= 2.6.5)
    rack (2.0.1)
    rack-protection (1.5.3)
      rack
    redis (3.3.1)
    rvm-capistrano (1.5.6)
      capistrano (~> 2.15.4)
    sidekiq (4.2.2)
      concurrent-ruby (~> 1.0)
      connection_pool (~> 2.2, >= 2.2.0)
      rack-protection (~> 1.5)
      redis (~> 3.2, >= 3.2.1)
    to_boolean (1.0.2)

PLATFORMS
  ruby

DEPENDENCIES
  capistrano (~> 2.15)
  capistrano-sidekiq
  capistrano-tagging
  rvm-capistrano
  to_boolean

BUNDLED WITH
   1.13.3
